PATH
  remote: .
  specs:
    stub_server (0.6.0)
      rackup (~> 0.2.2)
      webrick

GEM
  remote: https://rubygems.org/
  specs:
    ast (2.4.2)
    bump (0.10.0)
    json (2.6.2)
    maxitest (4.1.0)
      minitest (>= 5.0.0, < 5.15.0)
    minitest (5.14.4)
    mocha (1.15.0)
    parallel (1.22.1)
    parser (3.1.2.1)
      ast (~> 2.4.1)
    rack (3.0.0)
    rackup (0.2.2)
      rack (>= 3.0.0.beta1)
      webrick
    rainbow (3.1.1)
    rake (13.0.6)
    regexp_parser (2.6.0)
    rexml (3.2.5)
    rubocop (1.36.0)
      json (~> 2.3)
      parallel (~> 1.10)
      parser (>= 3.1.2.1)
      rainbow (>= 2.2.2, < 4.0)
      regexp_parser (>= 1.8, < 3.0)
      rexml (>= 3.2.5, < 4.0)
      rubocop-ast (>= 1.20.1, < 2.0)
      ruby-progressbar (~> 1.7)
      unicode-display_width (>= 1.4.0, < 3.0)
    rubocop-ast (1.21.0)
      parser (>= 3.1.1.0)
    ruby-progressbar (1.11.0)
    single_cov (1.7.0)
    unicode-display_width (2.3.0)
    webrick (1.7.0)
    wwtd (1.4.1)

PLATFORMS
  ruby

DEPENDENCIES
  bump
  json
  maxitest
  mocha
  rake
  rubocop
  single_cov
  stub_server!
  wwtd

BUNDLED WITH
   2.1.4
